PATH
  remote: .
  specs:
    locator (0.1.0)
      colorize
      sinatra
      thin

GEM
  remote: http://rubygems.org/
  specs:
    colorize (0.8.1)
    daemons (1.2.4)
    eventmachine (1.2.5-x64-mingw32)
    minitest (5.10.3)
    mustermann (1.0.0)
    rack (2.0.3)
    rack-protection (2.0.0)
      rack
    rake (10.5.0)
    sinatra (2.0.0)
      mustermann (~> 1.0)
      rack (~> 2.0)
      rack-protection (= 2.0.0)
      tilt (~> 2.0)
    thin (1.7.2)
      daemons (~> 1.0, >= 1.0.9)
      eventmachine (~> 1.0, >= 1.0.4)
      rack (>= 1, < 3)
    tilt (2.0.8)
    yard (0.9.9)

PLATFORMS
  x64-mingw32

DEPENDENCIES
  bundler (~> 1.15)
  locator!
  minitest (~> 5.0)
  rake (~> 10.0)
  yard

BUNDLED WITH
   1.15.3
